PATH
  remote: .
  specs:
    crashlytics-service (3.5.2)
      asana (= 0.0.4)
      faraday (= 0.8.1)
      hipchat (~> 0.7.0)
      nokogiri (= 1.5.5)
      octokit (~> 2.0.0)
      tinder (= 1.9.1)

GEM
  remote: https://rubygems.org/
  specs:
    activemodel (3.2.16)
      activesupport (= 3.2.16)
      builder (~> 3.0.0)
    activeresource (3.2.16)
      activemodel (= 3.2.16)
      activesupport (= 3.2.16)
    activesupport (3.2.16)
      i18n (~> 0.6, >= 0.6.4)
      multi_json (~> 1.0)
    addressable (2.3.5)
    asana (0.0.4)
      activeresource (~> 3.2.3)
    builder (3.0.4)
    crack (0.4.1)
      safe_yaml (~> 0.9.0)
    diff-lcs (1.1.3)
    docile (1.1.1)
    eventmachine (1.0.3)
    faraday (0.8.1)
      multipart-post (~> 1.1)
    faraday_middleware (0.9.0)
      faraday (>= 0.7.4, < 0.9)
    hashie (1.2.0)
    hipchat (0.7.0)
      httparty
      httparty
    http_parser.rb (0.5.3)
    httparty (0.12.0)
      json (~> 1.8)
      multi_xml (>= 0.5.2)
    i18n (0.6.9)
    json (1.8.1)
    mime-types (1.25.1)
    multi_json (1.8.2)
    multi_xml (0.5.5)
    multipart-post (1.2.0)
    nokogiri (1.5.5)
    octokit (2.0.0)
      sawyer (~> 0.3.0)
    rake (10.1.0)
    rspec (2.11.0)
      rspec-core (~> 2.11.0)
      rspec-expectations (~> 2.11.0)
      rspec-mocks (~> 2.11.0)
    rspec-core (2.11.1)
    rspec-expectations (2.11.2)
      diff-lcs (~> 1.1.3)
    rspec-mocks (2.11.2)
    safe_yaml (0.9.7)
    sawyer (0.3.0)
      faraday (~> 0.8, < 0.10)
      uri_template (~> 0.5.0)
    simple_oauth (0.1.9)
    simplecov (0.8.2)
      docile (~> 1.1.0)
      multi_json
      simplecov-html (~> 0.8.0)
    simplecov-html (0.8.0)
    tinder (1.9.1)
      eventmachine (>= 0.12.0, < 2)
      faraday (~> 0.8)
      faraday_middleware (~> 0.8)
      hashie (~> 1.0)
      json (~> 1.6)
      mime-types (~> 1.16)
      multi_json (~> 1.0)
      multipart-post (~> 1.1)
      twitter-stream (~> 0.1)
    twitter-stream (0.1.16)
      eventmachine (>= 0.12.8)
      http_parser.rb (~> 0.5.1)
      simple_oauth (~> 0.1.4)
    uri_template (0.5.3)
    webmock (1.9.0)
      addressable (>= 2.2.7)
      crack (>= 0.1.7)

PLATFORMS
  ruby

DEPENDENCIES
  crashlytics-service!
  rake
  rspec (= 2.11.0)
  simplecov
  webmock (= 1.9.0)
